GEM
  remote: https://rubygems.org/
  specs:
    buftok (0.1)
    faraday (0.8.8)
      multipart-post (~> 1.2.0)
    http (0.5.0)
      http_parser.rb
    http_parser.rb (0.5.3)
    json (1.8.0)
    multipart-post (1.2.0)
    simple_oauth (0.2.0)
    twitter (5.0.0.rc.1)
      buftok (~> 0.1.0)
      faraday (>= 0.8, < 0.10)
      http (>= 0.5.0.pre2, < 0.6)
      http_parser.rb (~> 0.5.0)
      json (~> 1.8)
      simple_oauth (~> 0.2.0)

PLATFORMS
  ruby

DEPENDENCIES
  twitter (~> 5.0.0.rc1)
