GEM
  remote: https://rubygems.org/
  specs:
    buftok (0.1)
    eventmachine (1.0.3)
    faraday (0.8.8)
      multipart-post (~> 1.2.0)
    faye-websocket (0.7.0)
      eventmachine (>= 0.12.0)
      websocket-driver (>= 0.3.0)
    http (0.5.0)
      http_parser.rb
    http_parser.rb (0.5.3)
    json (1.8.0)
    multipart-post (1.2.0)
    puma (2.6.0)
      rack (>= 1.1, < 2.0)
    rack (1.5.2)
    rack-protection (1.5.0)
      rack
    simple_oauth (0.2.0)
    sinatra (1.4.3)
      rack (~> 1.4)
      rack-protection (~> 1.4)
      tilt (~> 1.3, >= 1.3.4)
    tilt (1.4.1)
    twitter (5.0.0.rc.1)
      buftok (~> 0.1.0)
      faraday (>= 0.8, < 0.10)
      http (>= 0.5.0.pre2, < 0.6)
      http_parser.rb (~> 0.5.0)
      json (~> 1.8)
      simple_oauth (~> 0.2.0)
    websocket-driver (0.3.0)

PLATFORMS
  ruby

DEPENDENCIES
  faye-websocket
  puma
  sinatra
  twitter (~> 5.0.0.rc1)
